PATH
  remote: .
  specs:
    audrey_server (0.1.0)
      hiredis
      oj
      redis
      sinatra

GEM
  remote: https://rubygems.org/
  specs:
    byebug (10.0.2)
    coderay (1.1.2)
    hiredis (0.6.3)
    method_source (0.9.2)
    minitest (5.11.3)
    mustermann (1.0.3)
    oj (3.7.4)
    pry (0.12.2)
      coderay (~> 1.1.0)
      method_source (~> 0.9.0)
    pry-byebug (3.6.0)
      byebug (~> 10.0)
      pry (~> 0.10)
    pry-doc (0.13.5)
      pry (~> 0.11)
      yard (~> 0.9.11)
    rack (2.0.6)
    rack-protection (2.0.4)
      rack
    rake (10.5.0)
    redis (4.0.3)
    sinatra (2.0.4)
      mustermann (~> 1.0)
      rack (~> 2.0)
      rack-protection (= 2.0.4)
      tilt (~> 2.0)
    tilt (2.0.9)
    yard (0.9.16)

PLATFORMS
  ruby

DEPENDENCIES
  audrey_server!
  bundler
  minitest
  pry
  pry-byebug
  pry-doc
  rake

BUNDLED WITH
   1.17.2
