PATH
  remote: .
  specs:
    audrey_server (0.1.0)

GEM
  remote: https://rubygems.org/
  specs:
    minitest (5.11.3)
    rake (10.5.0)

PLATFORMS
  ruby

DEPENDENCIES
  audrey_server!
  bundler (~> 1.17)
  minitest (~> 5.0)
  rake (~> 10.0)

BUNDLED WITH
   1.17.2
